PATH
  remote: .
  specs:
    ghtorrent (0.12.1)
      bunny (~> 2.3, >= 2.3.0)
      mongo (~> 2.4, >= 2.4.3)
      sequel (~> 4.5, >= 4.5.0)
      trollop (~> 2.0, >= 2.0.0)

GEM
  remote: https://rubygems.org/
  specs:
    activesupport (3.1.12)
      multi_json (~> 1.0)
    addressable (2.5.2)
      public_suffix (>= 2.0.2, < 4.0)
    amq-protocol (2.3.0)
    bson (4.3.0)
    bunny (2.9.2)
      amq-protocol (~> 2.3.0)
    byebug (10.0.2)
    cause (0.1)
    concurrent-ruby (1.0.5)
    crack (0.4.3)
      safe_yaml (~> 1.0.0)
    docile (1.3.0)
    factory_girl (4.9.0)
      activesupport (>= 3.0.0)
    faker (1.8.7)
      i18n (>= 0.7)
    hashdiff (0.3.7)
    i18n (1.0.1)
      concurrent-ruby (~> 1.0)
    influxdb (0.3.5)
      cause
      json
    json (2.1.0)
    m (1.5.1)
      method_source (>= 0.6.7)
      rake (>= 0.9.2.2)
    metaclass (0.0.4)
    method_source (0.9.0)
    minitest (4.7.5)
    minitest-around (0.0.5)
      minitest (~> 4.7.5)
    mocha (1.5.0)
      metaclass (~> 0.0.1)
    mongo (2.5.1)
      bson (>= 4.3.0, < 5.0.0)
    multi_json (1.13.1)
    pg (1.0.0)
    public_suffix (3.0.2)
    rake (12.3.1)
    safe_yaml (1.0.4)
    sequel (4.49.0)
    simplecov (0.16.1)
      docile (~> 1.1)
      json (>= 1.8, < 3)
      simplecov-html (~> 0.10.0)
    simplecov-html (0.10.2)
    simplecov-rcov (0.2.3)
      simplecov (>= 0.4.1)
    sqlite3 (1.3.13)
    trollop (2.1.2)
    vcr (4.0.0)
    webmock (3.3.0)
      addressable (>= 2.3.6)
      crack (>= 0.3.2)
      hashdiff

PLATFORMS
  ruby

DEPENDENCIES
  byebug
  factory_girl
  faker
  ghtorrent!
  influxdb (= 0.3.5)
  jdbc-mysql
  m (~> 1.5.0)
  minitest (~> 4.7.3)
  minitest-around
  mocha
  pg
  rake
  simplecov
  simplecov-rcov
  sqlite3 (= 1.3.13)
  vcr
  webmock

BUNDLED WITH
   1.16.3
